GEM
  remote: https://rubygems.org/
  specs:
    slim (4.0.1)
      temple (>= 0.7.6, < 0.9)
      tilt (>= 2.0.6, < 2.1)
    temple (0.8.0)
    tilt (2.0.8)

PLATFORMS
  ruby

DEPENDENCIES
  slim

BUNDLED WITH
   1.16.3
